GEM
  remote: https://rubygems.org/
  specs:
    faraday (2.9.0)
      faraday-net_http (>= 2.0, < 3.2)
    faraday-mashify (0.1.1)
      faraday (~> 2.0)
      hashie
    faraday-multipart (1.0.4)
      multipart-post (~> 2)
    faraday-net_http (3.1.0)
      net-http
    gli (2.21.1)
    hashie (5.0.0)
    kramdown (2.4.0)
      rexml
    minitest (5.11.3)
    multipart-post (2.4.1)
    net-http (0.4.1)
      uri
    rake (13.2.1)
    rexml (3.2.8)
      strscan (>= 3.0.9)
    slack-ruby-client (2.3.0)
      faraday (>= 2.0)
      faraday-mashify
      faraday-multipart
      gli
      hashie
    strscan (3.1.0)
    uri (0.13.0)
    victor (0.3.4)
    webrick (1.8.1)

PLATFORMS
  ruby

DEPENDENCIES
  kramdown
  minitest (~> 5.11.3)
  rake
  slack-ruby-client
  victor
  webrick

BUNDLED WITH
   2.2.30
